NUGET
  remote: https://nuget.org/api/v2
  specs:
    Aether (7.0.0)
    Arachne.Core (2.3.23)
      FParsec (>= 1.0.1)
      FSharp.Core (>= 3.1.2.1)
    Arachne.Http (2.3.23)
      Arachne.Core (>= 2.3.23)
      Arachne.Language (>= 2.3.23)
      Arachne.Uri (>= 2.3.23)
      FParsec (>= 1.0.1)
      FSharp.Core (>= 3.1.2.1)
    Arachne.Http.Cors (2.3.23)
      Arachne.Core (>= 2.3.23)
      Arachne.Http (>= 2.3.23)
      Arachne.Uri (>= 2.3.23)
      FParsec (>= 1.0.1)
      FSharp.Core (>= 3.1.2.1)
    Arachne.Language (2.3.23)
      Arachne.Core (>= 2.3.23)
      FParsec (>= 1.0.1)
      FSharp.Core (>= 3.1.2.1)
    Arachne.Uri (2.3.23)
      Arachne.Core (>= 2.3.23)
      FParsec (>= 1.0.1)
      FSharp.Core (>= 3.1.2.1)
    Arachne.Uri.Template (2.3.23)
      Arachne.Core (>= 2.3.23)
      Arachne.Uri (>= 2.3.23)
      FParsec (>= 1.0.1)
      FSharp.Core (>= 3.1.2.1)
    Chiron (5.1.0)
      Aether (>= 7.0)
      FParsec (>= 1.0.2)
      FSharp.Core (>= 3.1.2.1)
    FParsec (1.0.2)
    Freya (2.0.195)
      Freya.Core (>= 2.0.195)
      Freya.Lenses.Http (>= 2.0.195)
      Freya.Lenses.Http.Cors (>= 2.0.195)
      Freya.Machine (>= 2.0.195)
      Freya.Machine.Extensions.Http (>= 2.0.195)
      Freya.Machine.Extensions.Http.Cors (>= 2.0.195)
      Freya.Machine.Router (>= 2.0.195)
      Freya.Recorder (>= 2.0.195)
      Freya.Router (>= 2.0.195)
    Freya.Core (2.0.195)
      Aether (>= 6.0)
      FSharp.Core (>= 3.1.2.1)
    Freya.Lenses.Http (2.0.195)
      Aether (>= 6.0)
      Arachne.Http (>= 2.2.13)
      Freya.Core (>= 2.0.195)
      FSharp.Core (>= 3.1.2.1)
    Freya.Lenses.Http.Cors (2.0.195)
      Aether (>= 6.0)
      Arachne.Http.Cors (>= 2.2.13)
      Freya.Core (>= 2.0.195)
      Freya.Lenses.Http (>= 2.0.195)
      FSharp.Core (>= 3.1.2.1)
    Freya.Machine (2.0.195)
      Aether (>= 6.0)
      Chiron (>= 4.1.0)
      Freya.Core (>= 2.0.195)
      Freya.Recorder (>= 2.0.195)
      FSharp.Core (>= 3.1.2.1)
      Hekate (>= 1.0.0)
    Freya.Machine.Extensions.Http (2.0.195)
      Aether (>= 6.0)
      Arachne.Http (>= 2.2.13)
      Freya.Core (>= 2.0.195)
      Freya.Lenses.Http (>= 2.0.195)
      Freya.Machine (>= 2.0.195)
      FSharp.Core (>= 3.1.2.1)
    Freya.Machine.Extensions.Http.Cors (2.0.195)
      Aether (>= 6.0)
      Arachne.Http.Cors (>= 2.2.13)
      Freya.Core (>= 2.0.195)
      Freya.Lenses.Http (>= 2.0.195)
      Freya.Lenses.Http.Cors (>= 2.0.195)
      Freya.Machine (>= 2.0.195)
      Freya.Machine.Extensions.Http (>= 2.0.195)
      FSharp.Core (>= 3.1.2.1)
    Freya.Machine.Router (2.0.195)
      Freya.Core (>= 2.0.195)
      Freya.Machine (>= 2.0.195)
      Freya.Router (>= 2.0.195)
      FSharp.Core (>= 3.1.2.1)
    Freya.Recorder (2.0.195)
      Aether (>= 6.0)
      Arachne.Core (>= 2.2.13)
      Chiron (>= 4.1.0)
      Freya.Core (>= 2.0.195)
      FSharp.Core (>= 3.1.2.1)
    Freya.Router (2.0.195)
      Aether (>= 6.0)
      Arachne.Http (>= 2.2.13)
      Arachne.Uri.Template (>= 2.2.13)
      Chiron (>= 4.1.0)
      Freya.Core (>= 2.0.195)
      Freya.Lenses.Http (>= 2.0.195)
      Freya.Recorder (>= 2.0.195)
      FSharp.Core (>= 3.1.2.1)
      Hekate (>= 1.0.0)
    FSharp.Core (4.0.0.1)
    Hekate (1.0.0)
      Aether (>= 6.0.0)
      FSharp.Core (>= 3.1.2.1)
    Microsoft.AspNet.Identity.Core (2.2.1)
    Microsoft.AspNet.Razor (3.0.0)
    Microsoft.Owin (3.0.1)
      Owin (>= 1.0)
    Microsoft.Owin.Host.HttpListener (3.0.1)
    Microsoft.Owin.Hosting (3.0.1)
      Microsoft.Owin (>= 3.0.1)
      Owin (>= 1.0)
    Microsoft.Owin.Security (3.0.1)
      Microsoft.Owin (>= 3.0.1)
      Owin (>= 1.0)
    Microsoft.Owin.Security.Cookies (3.0.1)
      Microsoft.Owin (>= 3.0.1)
      Microsoft.Owin.Security (>= 3.0.1)
      Owin (>= 1.0)
    Owin (1.0.0)
    RazorEngine (3.7.0)
      Microsoft.AspNet.Razor (>= 3.0.0) - framework: >= net45
      Microsoft.AspNet.Razor (2.0.30506.0) - framework: net40
    SQLProvider (0.0.9-alpha)
