NUGET
  remote: https://nuget.org/api/v2
  specs:
    Aether (6.0) - framework: >= net451
    Arachne.Core (2.2.13) - framework: >= net451
      FParsec (>= 1.0.1)
      FSharp.Core (>= 3.1.2.1)
    Arachne.Http (2.2.13) - framework: >= net451
      Arachne.Core (>= 2.2.13)
      Arachne.Language (>= 2.2.13)
      Arachne.Uri (>= 2.2.13)
      FParsec (>= 1.0.1)
      FSharp.Core (>= 3.1.2.1)
    Arachne.Http.Cors (2.2.13) - framework: >= net451
      Arachne.Core (>= 2.2.13)
      Arachne.Http (>= 2.2.13)
      Arachne.Uri (>= 2.2.13)
      FParsec (>= 1.0.1)
      FSharp.Core (>= 3.1.2.1)
    Arachne.Language (2.2.13) - framework: >= net451
      Arachne.Core (>= 2.2.13)
      FParsec (>= 1.0.1)
      FSharp.Core (>= 3.1.2.1)
    Arachne.Uri (2.2.13) - framework: >= net451
      Arachne.Core (>= 2.2.13)
      FParsec (>= 1.0.1)
      FSharp.Core (>= 3.1.2.1)
    Arachne.Uri.Template (2.2.13) - framework: >= net451
      Arachne.Core (>= 2.2.13)
      Arachne.Uri (>= 2.2.13)
      FParsec (>= 1.0.1)
      FSharp.Core (>= 3.1.2.1)
    Chiron (4.1.0) - framework: >= net451
      Aether (>= 6.0.0)
      FParsec (>= 1.0.1)
      FSharp.Core (>= 3.1.2.1)
    FParsec (1.0.1) - framework: >= net451
    Freya (2.0.194) - framework: >= net451
      Freya.Core (>= 2.0.194)
      Freya.Lenses.Http (>= 2.0.194)
      Freya.Lenses.Http.Cors (>= 2.0.194)
      Freya.Machine (>= 2.0.194)
      Freya.Machine.Extensions.Http (>= 2.0.194)
      Freya.Machine.Extensions.Http.Cors (>= 2.0.194)
      Freya.Machine.Router (>= 2.0.194)
      Freya.Recorder (>= 2.0.194)
      Freya.Router (>= 2.0.194)
    Freya.Core (2.0.194) - framework: >= net451
      Aether (>= 6.0)
      FSharp.Core (>= 3.1.2.1)
    Freya.Lenses.Http (2.0.194) - framework: >= net451
      Aether (>= 6.0)
      Arachne.Http (>= 2.2.13)
      Freya.Core (>= 2.0.194)
      FSharp.Core (>= 3.1.2.1)
    Freya.Lenses.Http.Cors (2.0.194) - framework: >= net451
      Aether (>= 6.0)
      Arachne.Http.Cors (>= 2.2.13)
      Freya.Core (>= 2.0.194)
      Freya.Lenses.Http (>= 2.0.194)
      FSharp.Core (>= 3.1.2.1)
    Freya.Machine (2.0.194) - framework: >= net451
      Aether (>= 6.0)
      Chiron (>= 4.1.0)
      Freya.Core (>= 2.0.194)
      Freya.Recorder (>= 2.0.194)
      FSharp.Core (>= 3.1.2.1)
      Hekate (>= 1.0.0)
    Freya.Machine.Extensions.Http (2.0.194) - framework: >= net451
      Aether (>= 6.0)
      Arachne.Http (>= 2.2.13)
      Freya.Core (>= 2.0.194)
      Freya.Lenses.Http (>= 2.0.194)
      Freya.Machine (>= 2.0.194)
      FSharp.Core (>= 3.1.2.1)
    Freya.Machine.Extensions.Http.Cors (2.0.194) - framework: >= net451
      Aether (>= 6.0)
      Arachne.Http.Cors (>= 2.2.13)
      Freya.Core (>= 2.0.194)
      Freya.Lenses.Http (>= 2.0.194)
      Freya.Lenses.Http.Cors (>= 2.0.194)
      Freya.Machine (>= 2.0.194)
      Freya.Machine.Extensions.Http (>= 2.0.194)
      FSharp.Core (>= 3.1.2.1)
    Freya.Machine.Router (2.0.194) - framework: >= net451
      Freya.Core (>= 2.0.194)
      Freya.Machine (>= 2.0.194)
      Freya.Router (>= 2.0.194)
      FSharp.Core (>= 3.1.2.1)
    Freya.Recorder (2.0.194) - framework: >= net451
      Aether (>= 6.0)
      Arachne.Core (>= 2.2.13)
      Chiron (>= 4.1.0)
      Freya.Core (>= 2.0.194)
      FSharp.Core (>= 3.1.2.1)
    Freya.Router (2.0.194) - framework: >= net451
      Aether (>= 6.0)
      Arachne.Http (>= 2.2.13)
      Arachne.Uri.Template (>= 2.2.13)
      Chiron (>= 4.1.0)
      Freya.Core (>= 2.0.194)
      Freya.Lenses.Http (>= 2.0.194)
      Freya.Recorder (>= 2.0.194)
      FSharp.Core (>= 3.1.2.1)
      Hekate (>= 1.0.0)
    FSharp.Core (3.1.2.1) - framework: >= net451
    Hekate (1.0.0) - framework: >= net451
      Aether (>= 6.0.0)
      FSharp.Core (>= 3.1.2.1)
    Microsoft.AspNet.Identity.Core (2.2.1) - framework: >= net451
    Microsoft.AspNet.Razor (3.0.0) - framework: >= net451
    Microsoft.Owin (3.0.1) - framework: >= net451
      Owin (>= 1.0)
    Microsoft.Owin.Host.HttpListener (3.0.1) - framework: >= net451
    Microsoft.Owin.Hosting (3.0.1) - framework: >= net451
      Microsoft.Owin (>= 3.0.1)
      Owin (>= 1.0)
    Microsoft.Owin.Security (3.0.1) - framework: >= net451
      Microsoft.Owin (>= 3.0.1)
      Owin (>= 1.0)
    Microsoft.Owin.Security.Cookies (3.0.1) - framework: >= net451
      Microsoft.Owin (>= 3.0.1)
      Microsoft.Owin.Security (>= 3.0.1)
      Owin (>= 1.0)
    Owin (1.0) - framework: >= net451
    RazorEngine (3.7.0) - framework: >= net451
    SQLProvider (0.0.9-alpha) - framework: >= net451
